GEM
  remote: https://rubygems.org/
  specs:
    minitest (5.10.3)
    rake (12.0.0)
    sqlite3 (1.3.13)

PLATFORMS
  ruby

DEPENDENCIES
  minitest
  rake
  sqlite3

BUNDLED WITH
   1.14.6
